dnref 2 2 8 0 0 4 1 1 1 64
1 "Me4Si, 1% in CDCl3"
0 
compshape 2 2 8 0 0 2 1 0 1 64
1 "hard"
0 
Qmult 1 1 9.99999984307e+17 -9.99999984307e+17 0 2 1 0 1 64
1 0.5 
0 
CSsp 7 1 32767 0 0 3 1 0 1 64
1 0 
0 
CSniIndex 7 1 32767 0 0 2 1 256 1 64
1 0 
0 
CS_se 4 2 4 0 0 3 1 0 1 64
1 "n"
0 
CS_cln 4 2 4 0 0 3 1 0 1 64
1 "y"
0 
Archive2 2 2 8 0 0 2 1 0 1 64
1 ""
0 
Archive1 2 2 8 0 0 2 1 0 1 64
1 ""
0 
ACQtime 7 1 100000000 0 1 2 1 256 1 64
1 768.750279 
0 
CARBONnt 7 1 32767 0 0 3 1 1 1 64
1 0 
0 
CS_inf 4 2 4 0 0 3 1 0 1 64
1 "y"
0 
CS_dpars 4 2 4 0 0 3 1 0 1 64
1 "y"
0 
CSdomain 7 1 32767 0 0 2 1 0 1 64
1 1 
0 
CSdnoise 4 2 4 0 0 3 1 0 1 64
1 "y"
0 
CSdensity 1 1 100 5 0 2 1 0 1 64
1 100 
0 
CSlines 7 1 32767 0 0 2 1 0 1 64
1 4 
0 
CSinp 2 2 8 0 0 2 1 0 1 64
1 ""
0 
CSni2Index 7 1 32767 0 0 2 1 256 1 64
1 0 
0 
CSshape 2 2 8 0 0 2 1 0 1 64
1 "gexp"
0 
CSprosize 7 1 32767 0 0 2 1 256 1 64
3 0 0 0 
0 
CSprofile 2 2 8 0 0 2 1 256 1 64
3 ""
""
""
0 
CSpars 2 2 8 0 0 2 1 256 1 64
1 ""
0 
CSseed 1 1 9.99999984307e+17 -9.99999984307e+17 0 2 1 0 1 64
1 169 
0 
CSreconmethod 2 2 8 0 0 3 1 0 1 64
1 "CLEAN"
0 
CSshowsch 4 2 4 0 0 2 1 0 1 64
1 "y"
0 
CSshowpro 4 2 4 0 0 2 1 0 1 64
1 "y"
0 
PFGflg 4 2 4 0 0 2 1 0 1 64
1 "y"
0 
EDratio 1 1 9.99999984307e+17 -9.99999984307e+17 0 2 1 0 1 64
1 1 
0 
CStype 4 2 4 0 0 2 1 0 1 64
1 "a"
0 
CSthr 1 1 100 1 0.1 3 1 0 1 64
1 2 
0 
CSwt 4 2 4 0 0 2 1 0 1 64
1 "n"
0 
CSwp 7 1 32767 0 0 3 1 0 1 64
1 0 
0 
DAC_to_G 1 1 9.99999984307e+17 -9.99999984307e+17 0 2 1 0 1 64
1 0.001657 
0 
H1reffrq 1 1 9.99999984307e+17 -9.99999984307e+17 0 2 1 0 1 64
1 499.962213477 
0 
Gmapname 2 2 8 0 0 2 1 1 1 64
1 ""
0 
Gmap 2 2 8 0 0 2 1 1 1 64
1 "lk"
0 
IPrunid 2 2 8 0 0 2 1 0 1 64
1 ""
0 
Hprescan 2 2 8 0 0 3 1 0 1 64
6 "off"
"auto"
"off"
""
"Complete"
"Complete"
0 
MinSW 2 2 8 0 0 3 1 0 1 64
1 "skip"
4 "off" "auto" "manual" "skip" 
Qins 1 1 9.99999984307e+17 -9.99999984307e+17 0 2 1 0 1 64
1 80 
0 
Qgain 1 1 9.99999984307e+17 -9.99999984307e+17 0 2 1 0 1 64
1 30 
0 
PROTONnt 7 1 32767 0 0 3 1 1 1 64
1 0 
0 
Qinsref 1 1 9.99999984307e+17 -9.99999984307e+17 0 2 1 0 1 64
1 7.4912e-05 
0 
arraywhitewash 4 2 4 0 0 4 1 0 1 64
1 "n"
0 
alock 2 2 8 0 0 2 1 0 1 64
1 "n"
5 "a" "n" "s" "u" "y" 
adir2tmplt 2 2 8 0 0 2 1 0 1 64
1 ""
0 
acqdim 7 1 32767 0 0 2 1 0 1 64
1 1 
0 
REQexp 2 2 8 0 0 4 1 256 1 64
1 "wet1D PRESAT PROTON"
0 
acqcycles 1 1 9.99999984307e+17 -9.99999984307e+17 0 2 1 0 1 64
1 15 
0 
acqstatus 7 1 32767 0 0 2 1 256 1 64
2 101 0 
0 
actionid 2 2 8 0 0 4 1 0 1 64
1 "null"
0 
aig 2 2 2 0 0 4 1 1 1 64
1 "ai"
2 "nm" "ai" 
adirtmplt 2 2 8 0 0 2 1 0 1 64
1 "$userdir$/data"
0 
alfa 6 1 8190 0 0.4 2 1 2 1 64
1 10 
0 
arraydim 7 1 32768 1 1 2 1 5 1 64
1 15 
0 
archivedir 2 2 8 0 0 2 1 0 1 64
1 ""
0 
ap 2 2 1023 0 0 4 1 6 1 64
1 "1:SAMPLE:date,solvent,file;1:ACQUISITION:sfrq:3,tn:2,at:3,np:0,sw:1,fb:0,bs(bs):0,ss(ss):0,tpwr(tpwr):0,tpwrf(tpwrf):0,pw:1,p1(p1):1,d1:3,d2(d2):3,tof:1,nt:0,ct:0,gain:0;1:DOSY:alt_grd,lkgate_flg,gzlvl1:0,gt1:6,gstab:6,del:6,dosyfrq:4,dosytimecubed:15,DAC_to_G:7;1:PRESAT:satmode,satpwr:0,satfrq:1,satdly:3;2:FLAGS:il,in,dp,hs,delflag,sspul,hsgt:4,gzlvlhs:0;2:DEC. & VT:dn:2,dof:1,dm,dmm,dmf,dpwr(dpwr):0,dpwrf(dpwrf):0,temp(temp):1;2:PROCESSING:cf(nf):0,lb(lb):2,sb(sb):3,sbs(sb):3,gf(gf):3,gfs(gf):3,proc,fn:0,fn2D:0,math,fn1:0;2:DISPLAY:sp:1,wp:1,vs:0,sc:0,wc:0,hzmm:2,is:2,rfl:1,rfp:1,th:0,ins:3,aig*,dcg*,dmg*;"
0 
alt_grd 4 2 4 0 0 2 1 0 1 64
1 "n"
0 
apptype 2 2 8 0 0 2 1 1 1 64
1 "dosy2D"
0 
array 2 2 256 0 0 2 1 1 1 64
1 "gzlvl1"
0 
arraydelta 7 1 32767 0 0 4 1 0 1 64
1 1 
0 
arrayflip 4 2 4 0 0 4 1 0 1 64
1 "n"
0 
arraydscale 4 2 4 0 0 4 1 0 1 64
1 "n"
0 
arraydodc 4 2 4 0 0 4 1 0 1 64
1 "n"
0 
arrayelemts 1 1 9.99999984307e+17 -9.99999984307e+17 0 2 1 0 1 64
1 1 
0 
arraystart 7 1 32767 0 0 4 1 0 1 64
1 1 
0 
arraymax 7 1 32767 0 0 4 1 0 1 64
1 15 
0 
arraystop 7 1 32767 0 0 4 1 0 1 64
1 15 
0 
bs 7 1 32767 0 1 2 1 0 1 64
1 1 
0 
awc1 1 1 1 -1 0.001 3 1 1 0 64
1 0 
0 
avwdir 2 2 8 0 0 3 1 0 1 64
1 ""
0 
at 1 1 14 14 14 2 1 8203 1 64
1 1.6384 
0 
awc 1 1 1 -1 0.001 3 1 1 0 64
1 0 
0 
axisf 4 2 4 0 0 4 1 0 1 64
1 "s"
4 "m" "n" "s" "u" 
axis 4 2 4 0 0 4 1 0 1 64
1 "pD"
12 "c" "d" "1" "2" "3" "h" "k" "m" "n" "p" "u" "D" 
bipflg 2 2 8 0 0 2 1 8 1 64
1 "nn"
0 
comment 2 2 8 0 0 3 1 0 1 64
1 ""
0 
celem 1 1 9.99999984307e+17 -9.99999984307e+17 0 2 1 0 1 64
1 15 
0 
c13wet 4 2 4 0 0 2 1 0 1 64
1 "n"
0 
cf 7 1 32767 0 1 3 1 1 0 64
1 1 
0 
composit 4 2 4 0 0 2 1 0 1 64
1 "n"
0 
dgssm 2 2 8 0 0 4 1 6 1 64
1 "1:WET:wet,gzlvlw,gtw:6,gswet:6,dz:6;1:C13 WET:c13wet,dofwet:1,dpwrwet,dmfwet;2:WETshapes:wetshape1,wetshape2,wetshape3,wetshape4;3:WETpowers:wetpwr1,wetpwr2,wetpwr3,wetpwr4;3:WETpulses:pwwet1:3,pwwet2:3,pwwet3:3,pwwet4:3;4:PRESAT:satmode,satpwr,satdly:3,satfrq:1;"
0 
dec2wave 2 2 8 0 0 2 1 0 1 64
1 "g"
0 
dataid 2 2 8 0 0 2 1 0 1 64
1 ""
0 
crf 1 1 9.99999984307e+17 -9.99999984307e+17 0 4 1 0 1 64
1 0 
0 
cp 2 2 1 0 0 2 1 0 1 64
1 "y"
2 "y" "n" 
console 2 2 8 0 0 2 1 0 1 64
1 "vnmrs"
0 
concentration 1 1 9.99e+17 0 0 2 1 8 1 64
1 0 
0 
continflag 4 2 4 0 0 3 1 0 1 64
1 "n"
0 
cr 1 1 1000000000 -1000000000 0 4 1 1 1 64
1 84718.9108531 
0 
cppauseflg 4 2 4 0 0 4 1 0 1 64
1 "n"
0 
cr1 1 1 1000000000 -1000000000 0 4 1 3 1 64
1 0 
0 
d1 3 1 14 14 14 2 1 8194 1 64
1 1 
0 
customflag 4 2 4 0 0 4 1 0 1 64
1 "n"
0 
ct 7 1 1000000000 0 1 2 1 6 1 64
1 1 
0 
cutoff 1 1 9.99999984307e+17 -9.99999984307e+17 0 4 1 0 0 64
1 200 
0 
d2 3 1 14 14 14 2 1 8194 1 64
1 0 
0 
dcrmv 4 2 9.99999984307e+17 -9.99999984307e+17 0 4 1 0 1 64
1 "n"
2 "y" "n" 
dbwwet 1 1 9.99999984307e+17 -9.99999984307e+17 0 2 1 0 1 64
1 5000 
0 
date 2 2 9 0 0 2 1 1 1 64
1 "Oct 25 2021"
0 
dcg 2 2 3 0 0 4 1 1 1 64
1 ""
2 "dc" "cdc" 
ddrtc 6 1 1000 0 0.4 2 1 0 1 64
1 10 
0 
ddrpm 2 2 8 0 0 2 1 0 1 64
1 "e"
0 
density 1 1 9.99999984307e+17 -9.99999984307e+17 0 2 1 0 1 64
1 1 
0 
delta 1 1 5000000 0 0 4 1 1 1 64
1 4920.13557273 
0 
decwavewet 2 2 8 0 0 2 1 0 1 64
1 "w"
0 
decwave 2 2 8 0 0 2 1 0 1 64
1 "W40_oneprobe"
0 
dec3wave 2 2 8 0 0 2 1 0 1 64
1 "g"
0 
del2 3 1 10 -10 2.5e-08 2 1 0 1 64
1 0 
0 
del 3 1 14 14 14 2 1 8192 1 64
1 0.05 
0 
delflag 4 2 4 0 0 2 1 0 1 64
1 "y"
0 
deltaf 1 1 100 0 0 4 1 0 1 64
1 0 
0 
delta1 1 1 5000000 0 0 4 1 3 1 64
1 0 
0 
dg2 2 2 8 0 0 4 1 4 1 64
6 "1:1st DECOUPLING:dfrq:3,dn,dpwr:0,dof:1,dm,dmm,dmf:0,dseq,dres:1,homo;"
"2(numrfch>2):2nd DECOUPLING:dfrq2:3,dn2,dpwr2:0,dof2:1,dm2,dmm2,dmf2:0,dseq2,dres2:1,homo2;"
"2(numrfch>3):3rd DECOUPLING:dfrq3:3,dn3,dpwr3:0,dof3:1,dseq3,dres3:1,homo3;"
"3(ni2):3D ACQUISITION:d3:3,sw2:1,ni2:0,phase2:0;"
"3(ni2):3D DISPLAY:rp2:1,lp2:1;"
"4(ni2):3D PROCESSING:lb2:3,sb2:3,sbs2(sb2):3,gf2:3,gfs2(gf2):3,awc2:3,wtfile2,proc2,fn2:0;"
0 
dg 2 2 1023 0 0 4 1 6 1 64
1 "1:ACQUISITION:sfrq:3,tn,at:3,np:0,sw:1,fb:0,bs:0,ss:0,tpwr(tpwr):0,tpwrf(tpwrf):0,pw:1,p1:1,d1:3,d2:3,tof:1,nt:0,ct:0,gain:0;2:SAMPLE:solvent,temp:1,file;2:DECOUPLING:dn,dof:1,dm,dmm,dpwr(dpwr):0,homo;3:GRADIENTS:delflag,alt_grd,lkgate_flg,gzlvl1:0,gt1:4,gstab:4,del:4;3:SPECIAL:calibflag,satmode,satfrq(satmode):1,satdly(satmode):3,satpwr(satmode):0,dosyfrq:4,dosytimecubed:15,DAC_to_G:7;4:PROCESSING:cf(nf):0,lb:2,sb:3,sbs(sb):3,gf:3,gfs(gf):3,proc,fn:0,fn2D:0,fn1:0,math;4:FLAGS:il,in,dp,wet,sspul,hsgt(sspul):4,gzlvlhs(sspul):0;"
0 
dfrq2 1 1 1000000000 0 0 2 1 9 1 64
1 0 
0 
dfrq 5 1 1000000000 -1000000000 0 2 1 8 1 64
1 125.7061878 
0 
dfrq3 1 1 1000000000 0 0 2 1 9 1 64
1 0 
0 
dg1 2 2 1023 0 0 4 1 6 1 64
1 "1:DISPLAY:sp:1,wp:1,vs:0;1:REFERENCE:rfl:1,rfp:1,cr:1,delta:1;1:PHASE:lp:1,rp:1,rp1(ni):1,lp1(ni):1;2:CHART:sc:0,wc:0,hzmm:2,vp:0,axis,pltmod,,th:0,,ho:2,vo:2,,trace:2;3(ni):2D:sp1:1,wp1:1,sc2:0,wc2:0,rfl1:1,rfp1:1;3:FLAGS:aig*,dcg*,dmg*;3:FID:sf:3,wf:3,vf:0;4:INTEGRAL:intmod,is:2,ins:3,io:0,,lvl:3,tlt:3;"
0 
dgs 2 2 1023 0 0 4 1 6 1 64
5 "1:AXIAL SHIMS:z1:0,z2:0,z3:0,z4:0,z5:0,z6:0,z7:0;"
"2:NON AXIAL SHIMS:x1:0,y1:0,xz:0,yz:0,xy:0,x2y2:0,x3:0,y3:0,xz2:0,yz2:0,zxy:0,zx2y2:0,z3x:0,z3y:0;"
"3:NON AXIAL SHIMS:z2x2y2:0,z2xy:0,zx3:0,zy3:0,z4x:0,z4y:0;"
"4:AUTOMATION:method,wshim,load,,spin:0,gain:0,alock,loc:0;"
"4:SPECIAL:temp;"
0 
dglp 2 2 8 0 0 4 1 7 1 64
1 "1(lpfilt):LP:lpalg,lpopt,lpfilt:0,lpnupts:0,strtlp:0,lpext:0,strtext:0;2(lpfilt1):LP 1:lpalg1,lpopt1,lpfilt1:0,lpnupts1:0,strtlp1:0,lpext1:0,strtext1:0;3(lpfilt2):LP 2:lpalg2,lpopt2,lpfilt2:0,lpnupts2:0,strtlp2:0,lpext2:0,strtext2:0;4:LP OUTPUT:lpprint(lpfilt):0,lptrace(lpfilt):0,lpprint1(lpfilt1):0,lptrace1(lpfilt1):0,lpprint2(lpfilt2):0,lptrace2(lpfilt2):0;"
0 
dgdosy 2 2 8 0 0 4 1 6 1 64
1 "1:DOSY PARAMETERS:,probe_,gcal_:7,dosyfrq:3,dosygamma:9,dosytimecubed:9;2:PROCESSING FLAGS:,nugflag,continflag,dosyproc,dosy3Dproc,dosy3Dflag,dosybypoints,ncomp:0;"
0 
dgs2 2 2 8 0 0 4 1 0 1 64
1 "1:DEFAULT SCANS:PROTONnt,CARBONnt,PHOSPHORUSnt,FLUORINEnt;2:SPECIAL:explist,macro,PFGflg;"
0 
dgss 2 2 8 0 0 4 1 6 1 64
1 "1:WET:wet,wetshape,wetpwr,pwwet:3,composit,compshape,gzlvlw,gtw:6,gswet:6,dz:6;2:C13 WET:c13wet,dofwet:1,dpwrwet,dmfwet,decwavewet;4:PRESAT:satmode,satpwr,satdly:3,satfrq:1;"
0 
dmm 4 2 4 0 0 2 1 0 1 64
1 "ccw"
9 "c" "f" "g" "m" "p" "r" "u" "w" "x" 
dm3 4 2 4 0 0 2 1 0 1 64
1 "n"
4 "a" "n" "s" "y" 
dlp 7 1 10 10 10 2 1 8194 0 64
1 10 
0 
dhp 1 1 9 9 9 2 1 8192 0 64
1 40 
0 
dgwet 2 2 8 0 0 4 1 0 1 64
1 "1:WET:wet,wetshape,wetpwr,pwwet:1,composit,compshape,gzlvlw,gtw:6,gswet:6,dz:6;2:C13 WET:c13wet,dofwet:1,dpwrwet,dmmwet,dmfwet,decwavewet;"
0 
displaymode 4 2 9.99999984307e+17 -9.99999984307e+17 0 4 1 0 1 64
1 "r"
0 
dm2 4 2 4 0 0 2 1 0 1 64
1 "n"
2 "n" "y" 
dm 4 2 4 0 0 2 1 0 1 64
1 "nnn"
4 "a" "n" "s" "y" 
dmfwet 7 1 32767 0 0 2 1 0 1 64
1 5517 
0 
dmf2 7 1 2000000 1 0 2 1 2 1 64
1 200 
0 
dmf 7 1 11 11 11 2 1 8194 1 64
1 32258 
0 
dmf3 7 1 2000000 1 0 2 1 2 1 64
1 200 
0 
dmg1 2 2 8 0 0 4 1 0 1 64
1 ""
4 "" "av1" "ph1" "pwr1" 
dmg 2 2 2 0 0 4 1 3 1 64
1 "ph"
0 
dn3 2 2 8 0 0 2 1 8 1 64
1 ""
0 
dn 2 2 4 0 0 2 1 8 1 64
1 "C13"
0 
dmm3 4 2 4 0 0 2 1 0 1 64
1 "c"
9 "c" "f" "g" "m" "p" "r" "u" "w" "x" 
dmm2 4 2 4 0 0 2 1 0 1 64
1 "c"
8 "c" "f" "g" "m" "r" "u" "w" "x" 
dmmwet 2 2 8 0 0 2 1 0 1 64
1 "w"
0 
dn2ref 2 2 8 0 0 4 1 1 1 64
1 ""
0 
dn2 2 2 8 0 0 2 1 8 1 64
1 ""
0 
dn2shapes 2 2 8 0 0 2 1 256 1 64
3 ""
""
""
0 
dnbippw 6 1 1000000 0 0.025 2 1 0 1 64
1 30.2 
0 
dn3shapes 2 2 8 0 0 2 1 256 1 64
3 ""
""
""
0 
dn3ref 2 2 8 0 0 4 1 1 1 64
1 ""
0 
dn4ref 2 2 8 0 0 4 1 1 1 64
1 ""
0 
dnbippwr 1 1 9 9 9 2 1 8192 1 64
1 61 
0 
dnbipshp 2 2 8 0 0 2 1 0 1 64
1 "hard"
0 
pipeELB 2 2 8 0 0 3 1 0 1 64
2 "0"
"0"
0 
ins 3 1 8190 0 1e-07 4 1 3 1 64
1 100 
0 
go_id 2 2 8 0 0 2 1 7 1 64
1 "exp4.zhanhl.UP500M_1635135108_885784"
0 
dss_wc 1 1 9.99999984307e+17 -9.99999984307e+17 0 4 1 0 1 64
1 16.8461538462 
0 
dpwr3 7 1 21 21 21 2 1 8194 1 64
1 1 
0 
dosy_peakmult 1 1 10000 0.5 0.001 3 1 0 1 64
1 10 
0 
dofwet 5 1 1000000000 -1000000000 0 2 1 0 1 64
1 0 
0 
dof 5 1 8 8 8 2 1 8202 1 64
1 0 
0 
dod 3 1 14 14 14 2 1 8194 1 64
1 0.00999999977648 
0 
dnshapes 2 2 8 0 0 2 1 256 1 64
3 ""
""
""
0 
dof3 5 1 20 20 20 2 1 8202 1 64
1 0 
0 
dof2 5 1 16 16 16 2 1 8202 1 64
1 0 
0 
dosy3Dproc 4 2 4 0 0 3 1 0 1 64
1 "n"
0 
doscout 7 1 10 -10 1 2 1 0 1 64
1 0 
0 
dopwCal 2 2 8 0 0 2 1 256 1 64
3 "n"
"4.0"
"1.0"
0 
dosy3Dflag 4 2 4 0 0 3 1 0 1 64
1 "n"
0 
dosy_autoincr 4 2 4 0 0 3 1 0 1 64
1 "n"
0 
dosyproc 2 2 8 0 0 3 1 0 1 64
1 "discrete"
2 "discrete" "continuous" 
dosyfrq 1 1 9.99999984307e+17 -9.99999984307e+17 0 2 1 0 1 64
1 499.8797 
0 
dosy_peaknum 7 1 10000 0 1 3 1 0 1 64
1 1 
0 
dosybypoints 4 2 4 0 0 3 1 0 1 64
1 "n"
0 
dosygamma 1 1 9.99999984307e+17 -9.99999984307e+17 0 2 1 0 1 64
1 267538440.81 
0 
dpatwet 2 2 8 0 0 2 1 0 1 64
1 "waltz16"
0 
dotflag 2 2 8 0 0 4 1 0 1 64
1 "n"
2 "n" "y" 
dosytimecubed 1 1 9.99999984307e+17 -9.99999984307e+17 0 2 1 0 1 64
1 1.942683e-07 
0 
dp 2 2 1 0 0 2 1 0 1 64
1 "y"
2 "y" "n" 
dpwr 1 1 9 9 9 2 1 8194 1 64
1 39 
0 
dpf_wc2 1 1 9.99999984307e+17 -9.99999984307e+17 0 4 1 0 1 64
1 300 
0 
dpwr2 7 1 18 18 18 2 1 8194 1 64
1 1 
0 
dseq 2 2 8 0 0 2 1 0 1 64
1 "W40_oneprobe"
0 
dres2 7 1 360 1 0 2 1 0 1 64
1 1 
0 
dreffrq 1 1 9.99999984307e+17 -9.99999984307e+17 0 2 1 0 1 64
1 125.715598571 
0 
dpwrwet 1 1 9.99999984307e+17 -9.99999984307e+17 0 2 1 0 1 64
1 39 
0 
dres 7 1 360 1 0 2 1 0 1 64
1 9 
0 
dreswet 1 1 9.99999984307e+17 -9.99999984307e+17 0 2 1 0 1 64
1 90 
0 
dres3 7 1 360 1 0 2 1 0 1 64
1 1 
0 
dsSelect 7 1 32767 0 0 4 1 0 1 64
15 1 2 3 4 5 6 7 8 9 10 11 12 13 14 15 
0 
dss_sc 1 1 9.99999984307e+17 -9.99999984307e+17 0 4 1 0 1 64
1 217.153846154 
0 
dseq3 2 2 8 0 0 2 1 0 1 64
1 ""
0 
dseq2 2 2 8 0 0 2 1 0 1 64
1 ""
0 
dseqwet 2 2 8 0 0 2 1 0 1 64
1 "waltz16"
0 
dss_sc2 1 1 9.99999984307e+17 -9.99999984307e+17 0 4 1 0 1 64
1 0 
0 
fiddle_tmsflg 4 2 4 0 0 3 1 0 1 64
1 "n"
0 
f1SW 2 2 8 0 0 2 1 1 1 64
1 ""
0 
emessage 4 2 4 0 0 2 1 0 1 64
1 "n"
0 
eOptions 2 2 8 0 0 4 1 264 1 64
1 ""
0 
dss_wc2 1 1 9.99999984307e+17 -9.99999984307e+17 0 4 1 0 1 64
1 139 
0 
dz 3 1 14 14 14 2 1 8192 1 64
1 1e-05 
0 
emailaddr 2 2 8 0 0 4 1 0 1 64
1 ""
0 
email_ 2 2 8 0 0 2 1 0 1 64
1 ""
0 
emailwhen 2 2 8 0 0 2 1 0 1 64
1 ""
0 
explist 2 2 8 0 0 2 1 256 1 64
1 "Dbppste"
0 
execprocess 2 2 8 0 0 3 1 0 1 64
1 "process_dosy2D"
0 
execplot 2 2 8 0 0 3 1 0 1 64
1 "plot_dosy2D"
0 
explabel 2 2 8 0 0 2 1 0 1 64
1 "Dbppste"
0 
exppath 2 2 8 0 0 2 1 0 1 64
1 "/home/zhanhl/vnmrsys/exp4/acqfil"
0 
fadflg 4 2 4 0 0 2 1 0 1 64
1 "n"
0 
f2SW 2 2 8 0 0 2 1 1 1 64
1 ""
0 
f1coef 2 2 8 0 0 3 1 1 1 64
1 ""
0 
faculty 2 2 8 0 0 2 1 0 1 64
1 ""
0 
fdfdir 2 2 8 0 0 3 1 0 1 64
1 ""
0 
fb 7 1 6 6 6 2 1 8203 1 64
1 4000 
0 
fdffile 2 2 8 0 0 3 1 0 1 64
1 ""
0 
fpmult 1 1 1000000000 0 0 3 1 0 0 64
1 1 
0 
filter 7 1 1000000000 0 1 2 1 2 1 64
1 54.0999984741 
0 
file 2 2 6 0 0 2 1 3 1 64
1 "exp"
0 
fidid 2 2 8 0 0 2 1 0 1 64
1 ""
0 
fiddle_writeflg 4 2 4 0 0 3 1 0 1 64
1 "n"
0 
filename 2 2 8 0 0 2 1 1 1 64
1 ""
0 
fn 7 1 524288 64 -2 3 1 1 0 64
1 16384 
0 
filtfile 2 2 8 0 0 2 1 0 1 64
1 ""
0 
fn1 7 1 524288 64 -2 3 1 1 1 64
1 1024 
0 
gf 1 1 100000 0 0 3 1 1 0 64
1 0.10000000149 
0 
ftproc 1 1 9.99999984307e+17 -9.99999984307e+17 0 3 1 256 1 64
2 1 0 
0 
fpmult1 1 1 1000000000 0 0 3 2 0 0 64
1 0.5 
0 
gain 1 1 60 0 2 2 1 0 1 64
1 40 
0 
fzoom 7 1 32767 0 0 4 1 0 1 64
1 0 
0 
gcal_ 1 1 9.99999984307e+17 -9.99999984307e+17 0 2 1 0 1 64
1 0 
0 
gfs 1 1 1000 -1000 0.001 3 1 1 0 64
1 0 
0 
gf1 1 1 100000 0 0 3 1 1 0 64
1 1 
0 
gfs1 1 1 1000 -1000 0.001 3 1 1 0 64
1 0 
0 
go_Options 2 2 8 0 0 2 1 7 1 64
1 "ga"
0 
gzlvl4 1 1 1000000 -1000000 1 2 1 0 1 64
1 2048 
0 
gtE 3 1 14 14 14 2 1 8192 1 64
1 0.002 
0 
gt3 3 1 14 14 14 2 1 8192 1 64
1 0.001 
0 
gswet 3 1 14 14 14 2 1 8192 1 64
1 0.002 
0 
gstab 3 1 14 14 14 2 1 8192 1 64
1 0.0005 
0 
gradcoeff_ 1 1 9.99999984307e+17 -9.99999984307e+17 0 3 1 0 1 64
1 0 
0 
gstab2 3 1 14 14 14 2 1 8192 1 64
1 0.0005 
0 
gt1 3 1 14 14 14 2 1 8192 1 64
1 0.002 
0 
gt0 3 1 14 14 14 2 1 8192 1 64
1 0.0016 
0 
gt2 3 1 14 14 14 2 1 8192 1 64
1 0.001 
0 
gt7 3 1 14 14 14 2 1 8192 1 64
1 0.001 
0 
gt5 3 1 14 14 14 2 1 8192 1 64
1 0.001 
0 
gt4 3 1 14 14 14 2 1 8192 1 64
1 0.001 
0 
gt6 3 1 14 14 14 2 1 8192 1 64
1 0.001 
0 
gt9 3 1 14 14 14 2 1 8192 1 64
1 0.001 
0 
gt8 3 1 14 14 14 2 1 8192 1 64
1 0.001 
0 
gtD 3 1 14 14 14 2 1 8192 1 64
1 0 
0 
gzlvl1_inc 1 1 9.99999984307e+17 -9.99999984307e+17 0 2 1 0 1 64
1 15 
0 
gzlvl0 1 1 1000000 -1000000 1 2 1 0 1 64
1 5120 
0 
gtw 3 1 14 14 14 2 1 8192 1 64
1 0.002 
0 
gths 3 1 14 14 14 2 1 8192 1 64
1 0.001 
0 
gxppars 2 2 8 0 0 2 1 0 1 64
1 ""
0 
gzlvl1 1 1 1000000 -1000000 1 2 1 0 1 64
15 1300 8775 12340 15085 17405 19450 21295 22995 24580 26065 27475 28810 30090 31315 32500 
0 
gzlvl2 1 1 1000000 -1000000 1 2 1 0 1 64
1 1024 
0 
gzlvl1_max 1 1 32767 -32767 1 2 1 0 1 64
1 32500 
0 
gzlvl1_min 1 1 32767 -32767 1 2 1 0 1 64
1 1300 
0 
gzlvl3 1 1 1000000 -1000000 1 2 1 0 1 64
1 1536 
0 
ho 1 1 500 -500 0 4 1 1 1 64
1 -16.7380952381 
0 
gzlvlE 1 1 1000000 -1000000 1 2 1 0 1 64
1 5128 
0 
gzlvl7 1 1 1000000 -1000000 1 2 1 0 1 64
1 3584 
0 
gzlvl5 1 1 1000000 -1000000 1 2 1 0 1 64
1 2560 
0 
gzlvl6 1 1 1000000 -1000000 1 2 1 0 1 64
1 3072 
0 
gzlvl9 1 1 1000000 -1000000 1 2 1 0 1 64
1 4608 
0 
gzlvl8 1 1 1000000 -1000000 1 2 1 0 1 64
1 4096 
0 
gzlvlD 1 1 1000000 -1000000 1 2 1 0 1 64
1 0 
0 
gzlvlw 1 1 9.99999984307e+17 -9.99999984307e+17 0 2 1 0 1 64
1 14354 
0 
gzlvl_max 7 1 32767 -32767 1 2 1 0 1 64
1 32767 
0 
gzlvlhs 7 1 32767 -32767 1 2 1 0 1 64
1 6153 
0 
hdpwr 7 1 49 -16 1 2 1 2 1 64
1 1 
0 
hdof 5 1 7 7 7 2 1 8194 1 64
1 0 
0 
hfmode 4 2 4 0 0 2 1 1 1 64
1 ""
0 
hst 3 1 0.02 0 2.5e-08 2 1 2 1 64
1 0.00800000037998 
0 
homo3 4 2 4 0 0 2 1 0 1 64
1 "n"
2 "n" "y" 
homo2 4 2 4 0 0 2 1 0 1 64
1 "n"
2 "n" "y" 
homo 2 2 8 0 0 2 1 8 1 64
1 "n"
2 "n" "y" 
hsglvl 1 1 1000000 -1000000 1 2 1 0 1 64
1 6144 
0 
hs 4 2 4 0 0 2 1 0 1 64
1 "nn"
2 "n" "y" 
hsgt 3 1 14 14 14 2 1 8192 1 64
1 0.002 
0 
il 2 2 1 0 0 2 1 0 1 64
1 "n"
2 "y" "n" 
ident 2 2 8 0 0 3 1 0 1 64
1 ""
0 
hzmm 1 1 1000000000 -1000000000 0 4 1 11 1 64
1 34.2386426723 
0 
in 4 2 1 0 0 2 1 0 1 64
1 "n"
3 "n" "w" "y" 
n2 2 2 6 0 0 4 1 3 1 64
1 ""
0 
lockpower_ 1 1 68 0 1 2 1 65552 1 64
1 28 
0 
lcpeak_ 7 1 32767 0 0 2 1 32768 1 64
1 0 
0 
investigator 2 2 8 0 0 4 1 0 1 64
1 ""
0 
insref 1 1 9.99999984307e+17 -9.99999984307e+17 0 4 1 0 0 64
1 1 
0 
ins2 1 1 9.99999984307e+17 -9.99999984307e+17 0 4 1 0 1 64
1 1 
0 
ins2ref 1 1 9.99999984307e+17 -9.99999984307e+17 0 4 1 0 1 64
1 1 
0 
intmod 2 2 8 0 0 4 1 0 1 64
1 "off"
3 "off" "partial" "full" 
int_flg 4 2 4 0 0 2 1 0 1 64
1 "n"
0 
intstd 2 2 8 0 0 2 1 0 1 64
1 ""
0 
iswt 1 1 9.99999984307e+17 -9.99999984307e+17 0 2 1 0 1 64
1 0 
0 
io 1 1 500 -500 0.1 4 1 1 1 64
1 10 
0 
invgcal 1 1 1000000 -1000000 1 2 1 0 1 64
1 512 
0 
is 1 1 1000000000 1e-06 0 4 1 3 1 64
1 33.5734901428 
0 
lb 1 1 100000 -100000 0 3 1 1 0 64
1 1.06103003025 
0 
layout 2 2 8 0 0 4 1 0 1 64
1 "Dbppste"
0 
lb1 1 1 100000 -100000 0 3 1 1 1 64
1 0.318309992552 
0 
lllabel 2 2 8 0 0 3 1 0 1 64
1 ""
0 
llamp 1 1 1000000000 0 0 4 1 0 0 64
1 0 
0 
lifrq 1 1 1000000000 -1000000000 0 4 1 0 0 64
1 0 
0 
liamp 1 1 1000000000 0 0 4 1 0 0 64
1 0 
0 
lkgate_flg 4 2 4 0 0 2 1 0 1 64
1 "n"
0 
llfrq 1 1 1000000000 -1000000000 0 4 1 0 0 64
1 0 
0 
locdir 2 2 8 0 0 2 1 0 1 64
1 ""
0 
load 2 2 4 0 0 2 1 3 1 64
1 "n"
2 "y" "n" 
loc_ 7 1 12 12 12 2 1 8201 1 64
1 0 
0 
lockgain_ 1 1 48 0 1 2 1 65552 1 64
1 45 
0 
lockfreq_ 5 1 160 0 1e-07 2 1 9 1 64
1 76.7345825 
0 
lockphase_ 1 1 360 0 1 2 1 65552 1 64
1 355 
0 
lpprint 7 1 63 0 1 3 1 0 1 64
1 0 
0 
lpext 7 1 1000000 0 1 3 1 0 1 64
1 1 
0 
lp 1 1 3600 -3600 0.1 4 1 3 1 64
1 0 
0 
lot 2 2 8 0 0 2 1 0 1 64
1 ""
0 
longlist 2 2 8 0 0 2 1 0 1 64
1 ""
0 
lowlim 1 1 2000 0 0.001 3 1 0 1 64
1 0 
0 
lpalg 2 2 8 0 0 3 1 0 1 64
1 "lpfft"
0 
lp1 1 1 3600 -3600 0.1 4 1 3 1 64
1 0 
0 
lpalg1 2 2 8 0 0 3 1 0 1 64
1 "lpfft"
0 
lpnupts 7 1 1000000 1 1 3 1 0 1 64
1 64 
0 
lpfilt 7 1 32767 1 1 3 1 0 1 64
1 32 
0 
lpext1 7 1 1000000 0 1 3 1 0 1 64
1 1 
0 
lpfilt1 7 1 32767 1 1 3 1 0 1 64
1 32 
0 
lpopt 2 2 8 0 0 3 1 0 1 64
1 "b"
0 
lpnupts1 7 1 1000000 1 1 3 1 0 1 64
1 64 
0 
lpopt1 2 2 8 0 0 3 1 0 1 64
1 "b"
0 
lvl 1 1 1000000000 -1000000000 0 4 1 1 1 64
1 -0.193481493886 
0 
lsfid 7 1 64000 -64000 1 3 1 0 0 64
1 0 
0 
lptrace 7 1 32767 0 1 3 1 0 1 64
1 0 
0 
lpprint1 7 1 63 0 1 3 1 0 1 64
1 0 
0 
lptrace1 7 1 32767 0 1 3 1 0 1 64
1 0 
0 
lsfrq1 1 1 9.99999984307e+17 -9.99999984307e+17 0 3 1 0 0 64
1 0 
0 
lsfrq 1 1 9.99999984307e+17 -9.99999984307e+17 0 3 1 0 0 64
1 0 
0 
method 2 2 6 0 0 2 1 3 1 64
1 "z1z2"
0 
mass 1 1 9.99999984307e+17 0 0 2 1 8 1 64
1 0 
0 
macro 2 2 6 0 0 4 1 3 1 64
1 ""
0 
math 2 2 1 0 0 3 1 3 1 64
1 "f"
3 "d" "f" "i" 
molecularmass 1 1 9.99999984307e+17 0 0 2 1 8 1 64
1 0 
0 
modules 2 2 8 0 0 2 1 0 1 64
1 "presat wet gradient quant par2D"
0 
n1 2 2 6 0 0 4 1 3 1 64
1 "d1 dm nt obsSW werr wbs "
0 
osfb 1 1 100000 0 0 2 1 1 0 64
1 0 
0 
notebook 2 2 8 0 0 2 1 0 1 64
1 ""
0 
nameprefix 2 2 8 0 0 2 1 9 1 64
1 ""
0 
name 2 2 8 0 0 3 1 0 1 64
1 ""
0 
n3 2 2 6 0 0 4 1 3 1 64
1 ""
0 
newmodules 2 2 8 0 0 2 1 1 1 64
1 ""
0 
ncomp 7 1 32767 0 0 3 1 0 1 64
1 1 
0 
ni 7 1 32767 0 0 2 1 0 1 64
1 0 
0 
nugflag 4 2 4 0 0 3 1 0 1 64
1 "n"
0 
nt 7 1 1000000000 1 1 2 1 2 1 64
1 1 
0 
np 7 1 524288 32 2 2 1 11 1 64
1 16384 
0 
nugcal_ 1 1 9.99999984307e+17 -9.99999984307e+17 0 3 1 0 1 64
5 0 1 0 0 0 
0 
operator_ 2 2 128 0 0 2 1 32772 1 64
1 "zhanhl"
0 
obsSW 2 2 8 0 0 2 1 1 1 64
1 "setsw(14,-2)"
0 
oscoef 7 1 49999 3 2 2 1 1 0 64
1 31 
0 
parrev 1 1 9.99999984307e+17 -9.99999984307e+17 0 2 1 0 1 64
1 1 
0 
p1 6 1 13 13 13 2 1 8194 1 64
1 0 
0 
oslsfrq 1 1 9.99999984307e+17 -9.99999984307e+17 0 2 1 1 0 64
1 0 
0 
osfilt 2 2 8 0 0 2 1 0 1 64
1 ""
5 "a" "A" "b" "B" "" 
oversamp 7 1 68 0 1 2 1 9 1 64
1 1 
0 
page 2 2 8 0 0 2 1 0 1 64
1 ""
0 
pad 3 1 14 14 14 2 1 8194 1 64
1 0.5 
0 
parlabel 2 2 8 0 0 2 1 5 1 64
1 "Dbppste"
0 
phase 7 1 8 0 1 2 1 0 1 64
1 0 
0 
parver 2 2 8 0 0 2 1 0 1 64
1 "VnmrJ VERSION 4.2 REVISION A"
0 
parstyle_ 2 2 8 0 0 4 1 0 1 64
1 "ppa"
0 
parversion 1 1 9.99999984307e+17 -9.99999984307e+17 0 2 1 4 1 64
1 5.1 
0 
phfid1 1 1 3600 -3600 0.1 3 1 0 0 64
1 0 
0 
phfid 1 1 3600 -3600 0.1 3 1 0 0 64
1 0 
0 
studystatus 2 2 8 0 0 2 1 0 1 64
1 ""
0 
rfp1 1 1 1000000000 -1000000000 0 4 1 1 1 64
1 0 
0 
proc 2 2 10 0 0 3 1 1 1 64
1 "ft"
0 
presatgh2 1 1 9.99999984307e+17 -9.99999984307e+17 0 2 1 0 1 64
1 10 
0 
plotoption 2 2 8 0 0 4 1 0 1 64
7 "plarray"
"axis"
"comments"
"params"
"logo"
"header"
"miniplot"
0 
pipeQ3 2 2 8 0 0 3 1 0 1 64
2 "0"
"0"
0 
pipeQ1 2 2 8 0 0 3 1 0 1 64
2 "0"
"0"
0 
pipeGOFF 2 2 8 0 0 3 1 0 1 64
2 "0"
"0"
0 
pipeGLB 2 2 8 0 0 3 1 0 1 64
2 "4"
"4"
0 
pipeQ2 2 2 8 0 0 3 1 0 1 64
2 "0"
"0"
0 
pipeistTMult 2 2 8 0 0 3 1 0 1 64
1 "0.7"
0 
pipeistIter 2 2 8 0 0 3 1 0 1 64
1 "1024"
0 
pipeistCMult 2 2 8 0 0 3 1 0 1 64
1 "0.3"
0 
pipeistMaxRes 2 2 8 0 0 3 1 0 1 64
1 "1"
0 
plocklist 2 2 8 0 0 2 1 1 1 64
1 ""
0 
pkpick_ 2 2 8 0 0 4 1 0 1 64
1 ""
0 
position2 2 2 8 0 0 3 1 0 1 64
1 ""
0 
pmode 2 2 8 0 0 3 1 0 1 64
1 "partial"
0 
pltmod 2 2 8 0 0 4 1 0 1 64
1 "fixed"
5 "off" "fixed" "full" "variable" "user" 
plt2Darg 2 2 8 0 0 4 1 272 1 64
8 "both"
"20"
"1.3"
"f2"
"f1"
""
""
""
0 
pltopt 4 2 4 0 0 2 1 0 1 64
1 "n"
0 
position1 2 2 8 0 0 3 1 0 1 64
1 ""
0 
pplvl_cf 1 1 9.99999984307e+17 -9.99999984307e+17 0 2 1 0 1 64
1 1 
0 
pp 6 1 13 13 13 2 1 8192 1 64
1 15 
0 
pplvl 1 1 63 -16 1 2 1 0 1 64
1 55 
0 
prcopt 4 2 4 0 0 2 1 0 1 64
1 "y"
0 
preacq 6 1 13 13 13 2 1 8192 0 64
1 0 
0 
prggt 3 1 14 14 14 2 1 8192 1 64
1 0.001 
0 
prgd1 3 1 14 14 14 2 1 8192 1 64
1 0.0002 
0 
prescan 2 2 8 0 0 3 1 256 1 64
11 "Not done"
"Not done"
"off"
"off"
"off"
"off"
"off"
"on"
"on"
""
""
0 
presatinit 4 2 4 0 0 2 1 0 1 64
1 "n"
0 
prgcycle 7 1 32767 0 0 2 1 8 1 64
1 2 
0 
prgflg 4 2 4 0 0 2 1 8 1 64
1 "n"
0 
prgd2 3 1 14 14 14 2 1 8192 1 64
1 0.0002 
0 
prggstab 3 1 14 14 14 2 1 8192 1 64
1 0.0005 
0 
priority 7 1 32768 0 1 2 1 0 1 64
1 5 
0 
prgpw 6 1 13 13 13 2 1 8192 1 64
1 8.3 
0 
prggzlvl 1 1 1000000 -1000000 1 2 1 0 1 64
1 20000 
0 
probetype_ 2 2 8 0 0 2 1 0 1 64
1 "liquids"
0 
probe_ 2 2 8 0 0 2 1 8 1 64
1 "ID3PFG"
0 
queue 2 2 8 0 0 2 1 0 1 64
1 ""
0 
pwwet3 6 1 1000000 0 0.025 2 1 0 1 64
1 0 
0 
pslabel 2 2 8 0 0 2 1 11 1 64
1 "Dbppste"
0 
processid 1 1 9.99999984307e+17 -9.99999984307e+17 0 2 1 0 1 64
1 0 
0 
proccmd 2 2 8 0 0 3 1 7 1 64
1 "wft('acq')"
0 
proc1 2 2 10 0 0 3 2 1 1 64
1 "ft"
0 
procdim 7 1 32767 0 0 3 1 0 1 64
1 1 
0 
protocols 2 2 8 0 0 3 1 0 1 64
1 ""
0 
protoFile 2 2 8 0 0 4 1 33040 1 64
5 ""
"dosy2d"
"Dbppste"
"dosy2d"
"Proton"
0 
psatsolv 2 2 8 0 0 2 1 0 1 64
1 "D2O"
0 
pw90 6 1 13 13 13 2 1 8194 1 64
1 8.3 
0 
pstof 5 1 1000000000 -1000000000 0 2 1 264 1 64
1 0 
0 
psppm 2 2 8 0 0 2 1 1 1 64
1 ""
0 
pw 6 1 13 13 13 2 1 8194 1 64
1 11.25 
0 
pwwet1 6 1 1000000 0 0.025 2 1 0 1 64
1 0 
0 
pwwet 6 1 1000000 0 0.025 2 1 0 1 64
1 0 
0 
pwwet2 6 1 1000000 0 0.025 2 1 0 1 64
1 0 
0 
pwx2lvl 1 1 63 -16 1 2 1 0 1 64
1 55 
0 
pwx 6 1 13 13 13 2 1 8192 1 64
1 10.6 
0 
pwwet4 6 1 1000000 0 0.025 2 1 0 1 64
1 0 
0 
pwx2 6 1 13 13 13 2 1 8192 1 64
1 15 
0 
pwxlvl 1 1 9 9 9 2 1 8192 1 64
1 58 
0 
pwx2lvl_cf 1 1 9.99999984307e+17 -9.99999984307e+17 0 2 1 0 1 64
1 1 
0 
pwxlvl_cf 1 1 9.99999984307e+17 -9.99999984307e+17 0 2 1 0 1 64
1 0.923 
0 
ref_pwr 1 1 9.99999984307e+17 -9.99999984307e+17 0 2 1 0 1 64
1 60 
0 
r7 1 1 1e+18 -1e+18 0 4 1 1 1 64
1 0 
0 
r4 1 1 1e+18 -1e+18 0 4 1 1 1 64
1 0 
0 
r2 1 1 1e+18 -1e+18 0 4 1 1 1 64
1 0 
0 
r1 1 1 1e+18 -1e+18 0 4 1 1 1 64
1 37.4347839355 
0 
r3 1 1 1e+18 -1e+18 0 4 1 1 1 64
1 0 
0 
r6 1 1 1e+18 -1e+18 0 4 1 1 1 64
1 0 
0 
r5 1 1 1e+18 -1e+18 0 4 1 1 1 64
1 0 
0 
ref1 5 1 1000000000 -1000000000 0 3 1 0 1 64
1 0 
0 
ref 5 1 1000000000 -1000000000 0 3 4 0 1 64
1 0 
0 
ref_pw90 6 1 13 13 13 2 1 8192 1 64
1 5.475 
0 
retentiontime_ 2 2 8 0 0 2 1 0 1 64
1 ""
0 
refpos1 5 1 1000000000 -1000000000 0 3 1 0 1 64
1 0 
0 
reffrq1 1 1 9.99999984307e+17 -9.99999984307e+17 0 4 1 0 1 64
1 499.877412674 
0 
reffrq 1 1 9.99999984307e+17 -9.99999984307e+17 0 4 1 0 1 64
1 499.877412674 
0 
refpos 1 1 9.99999984307e+17 -9.99999984307e+17 0 4 1 0 1 64
1 0 
0 
refstd_ 2 2 8 0 0 2 1 65808 1 64
1 ""
0 
refsource1 2 2 8 0 0 4 1 0 1 64
1 "sfrq"
0 
researchgroup 2 2 8 0 0 2 1 0 1 64
1 ""
0 
rfl 1 1 1000000000 -1000000000 0 4 1 1 1 64
1 -84629.0256864 
0 
rfchnuclei 2 2 8 0 0 2 1 256 1 64
1 "H1 C13"
0 
rfband 4 2 4 0 0 2 1 0 1 64
1 "cc"
3 "c" "h" "l" 
rfl1 1 1 1000000000 -1000000000 0 4 1 1 1 64
1 -84629.8066923 
0 
rfp 1 1 1000000000 -1000000000 0 4 1 1 1 64
1 0 
0 
segt5 3 1 14 14 14 2 1 8192 1 64
1 0.0005 
0 
satpwr 1 1 30 -16 0.5 2 1 0 1 64
1 30 
0 
sampleowner 2 2 8 0 0 2 1 0 1 64
1 ""
0 
rp1 1 1 3600 -3600 0.1 4 1 3 1 64
1 0 
0 
rof2 6 1 13 13 13 2 1 8194 1 64
1 25 
0 
rof1 6 1 13 13 13 2 1 8194 1 64
1 10 
0 
rp 1 1 3600 -3600 0.1 4 1 3 1 64
1 -4.92867535068 
0 
sample 2 2 8 0 0 2 1 1 1 64
1 ""
0 
sa 7 1 10000000 0 0 3 1 1 0 64
1 1024 
0 
samplename 2 2 8 0 0 2 1 9 1 64
1 ""
0 
sas 7 1 10000000 0 0 3 1 1 0 64
1 0 
0 
sampling 2 2 8 0 0 2 1 0 1 64
1 "s"
0 
samplevolume 1 1 9.99999984307e+17 0 0 2 1 8 1 64
1 600 
0 
sampwt 1 1 9.99999984307e+17 -9.99999984307e+17 0 2 1 0 1 64
1 0 
0 
satfrq 5 1 1000000000 -1000000000 0 2 1 0 1 64
1 -171.6 
0 
satdly 3 1 14 14 14 2 1 8192 1 64
1 1 
0 
satmode 4 2 4 0 0 2 1 0 1 64
1 "yn"
0 
sbs1 1 1 1000 -1000 0 3 1 1 0 64
1 0 
0 
sb1 1 1 1000 -1000 0 3 1 1 0 64
1 0 
0 
saveshapes 2 2 8 0 0 2 1 256 1 64
1 ""
0 
saveglobal_ 2 2 8 0 0 3 1 0 1 64
20 "probe"
"lcpeak"
"loc"
"lockpower"
"lockgain"
"lockphase"
"lockfreq"
"z0"
"lkof"
"vloc"
"vrack"
"vzone"
"vproto"
"pkpick"
"parstyle"
"operator"
"studyid"
"systemname"
"probetype"
"refstd"
0 
sb 1 1 1000 -1000 0 3 1 0 0 64
1 0 
0 
sbs 1 1 1000 -1000 0 3 1 1 0 64
1 0 
0 
sbbiflg 4 2 4 0 0 2 1 0 1 64
1 "n"
0 
scoutinfo 2 2 8 0 0 2 1 256 1 64
1 ""
0 
sc2 1 1 3 3 3 4 1 8195 1 64
1 8 
0 
sc 1 1 1 1 1 4 1 8195 1 64
1 234.333333333 
0 
scans 2 2 8 0 0 3 1 0 1 64
1 ""
0 
segstab 3 1 14 14 14 2 1 8192 1 64
1 0.0005 
0 
sdirtmplt 2 2 8 0 0 2 1 0 1 64
1 "$samplename$_%DATE%_"
0 
sp 1 1 1000000000 -1000000000 0 4 1 3 1 64
1 84629.636038 
0 
shownumbers 2 2 8 0 0 4 1 0 1 64
1 "v"
0 
sfrq 1 1 1000000000 0 0 2 1 11 1 64
1 499.8797405 
0 
sf 1 1 8190 0 1e-07 4 1 3 1 64
1 0 
0 
seqfil 2 2 8 0 0 2 1 11 1 64
1 "Dbppste"
0 
sf1 1 1 9.99999984307e+17 -9.99999984307e+17 0 4 1 0 1 64
1 0 
0 
showarray 2 2 8 0 0 4 1 0 1 64
1 "horiz"
0 
shims 2 2 8 0 0 2 1 0 1 64
1 ""
0 
showcontent 2 2 8 0 0 4 1 0 1 64
1 "s"
0 
slpname 2 2 8 0 0 2 1 256 1 64
1 ""
0 
shownumx 1 1 9.99999984307e+17 -9.99999984307e+17 0 4 1 0 1 64
1 0 
0 
shownumstyle 2 2 8 0 0 4 1 0 1 64
1 "auto"
0 
shownumy 1 1 9.99999984307e+17 -9.99999984307e+17 0 4 1 0 1 64
1 0 
0 
sn 1 1 1e+18 -1e+18 0 3 1 1 1 64
1 0 
0 
slpsat 4 2 4 0 0 2 1 0 1 64
1 "n"
0 
solvent 2 2 6 0 0 2 1 11 1 64
1 "d2o"
0 
strtext 7 1 1000000 1 1 3 1 0 1 64
1 1 
0 
srate 7 1 32767 0 1 2 1 1 1 64
1 25 
0 
spin 1 1 39 0 1 2 1 0 0 64
1 0 
0 
sp1 1 1 1000000000 -1000000000 0 4 1 3 1 64
1 -170.996380708 
0 
ss 7 1 32767 -32768 0 2 1 0 1 64
1 16 
0 
sreffrq 1 1 9.99999984307e+17 -9.99999984307e+17 0 2 1 0 1 64
1 499.962213477 
0 
sspul 4 2 4 0 0 2 1 0 1 64
1 "n"
0 
strtpar 2 2 8 0 0 2 1 0 1 64
1 ""
0 
strtlp 7 1 1000000 1 1 3 1 0 1 64
1 2 
0 
strtext1 7 1 1000000 1 1 3 1 0 1 64
1 1 
0 
strtlp1 7 1 1000000 1 1 3 1 0 1 64
1 2 
0 
studyid_ 2 2 8 0 0 2 1 0 1 64
1 "tmpstudy"
0 
study 2 2 8 0 0 3 1 0 1 64
1 ""
0 
studyowner 2 2 8 0 0 2 1 0 1 64
1 "hyq2"
0 
wet_cf 1 1 9.99999984307e+17 -9.99999984307e+17 0 2 1 0 1 64
1 1 
0 
tpwr 1 1 17 17 17 2 1 8194 1 64
1 58 
0 
time_run 2 2 8 0 0 2 1 0 1 64
1 "20211025T121149"
0 
tempFTS 1 1 200 -150 0.1 2 1 1 1 64
1 25 
0 
sw 1 1 5 5 5 2 1 8203 1 64
1 5000 
0 
svfopt 4 2 4 0 0 2 1 0 1 64
1 "y"
0 
studytime 1 1 9.99999984307e+17 -9.99999984307e+17 0 2 1 0 1 64
1 780 
0 
svftmplt 2 2 8 0 0 2 1 0 1 64
1 "$pslabel$_"
0 
systemname_ 2 2 8 0 0 2 1 0 1 64
1 "UP500M-vnmrs500"
0 
sw1 1 1 5000000 1 -1.25e-08 2 1 0 1 64
1 4998.43798813 
0 
temp 1 1 200 -150 0.1 2 1 8 1 64
1 25 
0 
time_complete 2 2 8 0 0 4 1 0 1 64
1 "20211025T121313"
0 
th 1 1 1000000000 0 0 4 1 1 1 64
1 2 
0 
text_string 2 2 8 0 0 4 1 256 1 64
1 ""
0 
th2d 1 1 1 1e-18 0 4 1 17 1 64
1 0.8 
0 
time_plotted 2 2 8 0 0 3 1 0 1 64
1 ""
0 
time_exp 2 2 8 0 0 2 1 0 1 64
1 ""
0 
time_processed 2 2 8 0 0 3 1 0 1 64
1 "20211025T121313"
0 
tn 2 2 4 0 0 2 1 8 1 64
1 "H1"
0 
time_submitted_local 2 2 8 0 0 2 1 0 1 64
1 "20211025T121148X12PMMonOct"
0 
time_saved 2 2 8 0 0 4 1 0 1 64
1 "20211025T121851"
0 
time_submitted 2 2 8 0 0 2 1 0 1 64
1 "20211025T121148"
0 
tin 2 2 1 0 0 2 1 2 1 64
1 "n"
3 "n" "w" "y" 
time_svfdate 2 2 8 0 0 2 1 0 1 64
1 "20211025T121148"
0 
tlt 1 1 1000000000 -1000000000 0 4 1 1 1 64
1 -0.208306640953 
0 
tnref 2 2 8 0 0 4 1 1 1 64
1 "Me4Si, 1% in CDCl3"
0 
tnbippwr 1 1 17 17 17 2 1 8192 1 64
1 60 
0 
tnbippw 6 1 1000000 0 0.025 2 1 0 1 64
1 60 
0 
tnbipshp 2 2 8 0 0 2 1 0 1 64
1 "bip60us"
0 
tof 5 1 7 7 7 2 1 8202 1 64
1 -171.6 
0 
tnshapes 2 2 8 0 0 2 1 256 1 64
3 ""
""
""
0 
tofh2o 5 1 1000000000 -1000000000 0 2 1 0 1 64
1 0 
0 
vpfi 1 1 500 -500 0 4 1 0 1 64
1 0 
0 
vjdialogarg 2 2 8 0 0 4 1 256 1 64
1 ""
0 
uplim 1 1 2000 0 0.001 3 1 0 1 64
1 25 
0 
trace 2 2 2 0 0 4 1 3 1 64
1 "f1"
2 "f1" "f2" 
tpwr_cf 1 1 9.99999984307e+17 -9.99999984307e+17 0 2 1 0 1 64
1 1.0884 
0 
tunemethod 2 2 8 0 0 2 1 0 1 64
1 "lohi-fine"
0 
vf 1 1 1000000000 0 0 4 1 3 1 64
1 174.310211182 
0 
userplotter 2 2 8 0 0 4 1 0 1 64
1 ""
0 
vjdialog 2 2 8 0 0 4 1 256 1 64
1 ""
0 
vp 7 1 500 -500 0.1 4 1 3 1 64
1 50 
0 
vo 1 1 500 -500 0 4 1 1 1 64
1 0 
0 
vloc_ 2 2 8 0 0 2 1 8 1 64
1 "A0"
0 
volume 1 1 9.99999984307e+17 -9.99999984307e+17 0 2 1 0 1 64
1 0 
0 
vpf 1 1 500 -500 0 4 1 0 1 64
1 0 
0 
vzone_ 7 1 15 1 0 2 1 0 1 64
1 1 
0 
vs2d 1 1 1000000000 1e-06 0 4 1 3 1 64
1 2000 
0 
vrack_ 7 1 5 1 0 2 1 0 1 64
1 1 
0 
vproto_ 2 2 8 0 0 2 1 0 1 64
1 ""
0 
vs 1 1 1000000000 1e-06 0 4 1 3 1 64
1 7815.22 
0 
vtc 1 1 255 0 1 2 1 2 1 64
1 25 
0 
vsproj 1 1 1000000000 1e-06 0 4 1 3 1 64
1 4.45071601868 
0 
vtwait 3 1 14 14 14 2 1 8194 1 64
1 300 
0 
wdone 2 2 8 0 0 3 1 0 1 64
1 ""
0 
wc 1 1 2 2 2 4 1 8203 1 64
1 15.6666666667 
0 
wbs 2 2 6 0 0 3 1 3 1 64
1 ""
0 
wc2 1 1 4 4 4 4 1 8195 1 64
1 139 
0 
werr 2 2 6 0 0 3 1 3 1 64
1 ""
0 
wds 2 2 8 0 0 3 1 0 1 64
1 ""
0 
wet 4 2 4 0 0 2 1 0 1 64
1 "n"
0 
wtfile1 2 2 15 0 0 3 2 1 1 64
1 ""
0 
wetshape4 2 2 8 0 0 2 1 0 1 64
1 "wetshp"
0 
wetpwr2 1 1 9.99999984307e+17 -9.99999984307e+17 0 2 1 0 1 64
1 0 
0 
wetfrqw 1 1 9.99999984307e+17 -9.99999984307e+17 0 2 1 256 1 64
1 80 
0 
wetfrq 5 1 1000000000 -1000000000 0 2 1 256 0 64
1 0 
0 
wetfly 4 2 4 0 0 2 1 0 1 64
1 "n"
0 
wetfrqs 2 2 8 0 0 2 1 256 1 64
1 "seduce"
0 
wetpwr 1 1 9.99999984307e+17 -9.99999984307e+17 0 2 1 0 1 64
1 0 
0 
wetpeaks 7 1 10 0 1 2 1 0 0 64
1 0 
0 
wetpwr1 1 1 9.99999984307e+17 -9.99999984307e+17 0 2 1 0 1 64
1 0 
0 
wetshape 2 2 8 0 0 2 1 0 1 64
1 "wetshp"
0 
wetpwr4 1 1 9.99999984307e+17 -9.99999984307e+17 0 2 1 0 1 64
1 0 
0 
wetpwr3 1 1 9.99999984307e+17 -9.99999984307e+17 0 2 1 0 1 64
1 0 
0 
wetset 2 2 8 0 0 4 1 0 1 64
1 "set1"
0 
wetshape2 2 2 8 0 0 2 1 0 1 64
1 "wetshp"
0 
wetshape1 2 2 8 0 0 2 1 0 1 64
1 "wetshp"
0 
wetshape3 2 2 8 0 0 2 1 0 1 64
1 "wetshp"
0 
wnt 2 2 6 0 0 3 1 3 1 64
1 ""
0 
wf1 1 1 9.99999984307e+17 -9.99999984307e+17 0 4 1 0 1 64
1 0.102432 
0 
wf 1 1 8190 0 1e-07 4 1 3 1 64
1 1.0000224 
0 
wexp 2 2 6 0 0 3 1 3 1 64
1 "process"
0 
whenemail 2 2 8 0 0 2 1 0 1 64
1 "never"
0 
whatemail 2 2 8 0 0 2 1 0 1 64
1 "message"
0 
wrtp 2 2 8 0 0 4 1 0 1 64
1 ""
0 
wp1 1 1 100000 0 0 4 1 3 1 64
1 4998.43798813 
0 
wp 1 1 5000000 0 0 4 1 11 1 64
1 4999.38964844 
0 
wqinit 2 2 8 0 0 4 1 0 1 64
1 ""
0 
wstart 2 2 8 0 0 3 1 0 1 64
1 ""
0 
wshim 4 2 4 0 0 2 1 1 1 64
1 "n"
15 "e" "f" "g" "n" "s" "0" "1" "2" "3" "4" "5" "6" "7" "8" "9" 
wtfile 2 2 15 0 0 3 1 1 1 64
1 ""
0 
z3 7 1 19 19 19 2 1 8192 1 64
1 -7306 
0 
z1 7 1 19 19 19 2 1 8192 1 64
1 -10184 
0 
xz 7 1 19 19 19 2 1 8192 1 64
1 12332 
0 
x3 7 1 19 19 19 2 1 8192 1 64
1 6339 
0 
x1 7 1 19 19 19 2 1 8192 1 64
1 770 
0 
wtune 4 2 4 0 0 2 1 0 1 64
1 "st12"
10 "s" "t" "e" "v" "i" "n" "1" "2" "3" "4" 
x2y2 7 1 19 19 19 2 1 8192 1 64
1 -3066 
0 
xdiag 1 1 1e+18 0 0 4 1 17 1 64
1 0 
0 
x4 7 1 19 19 19 2 1 8192 1 64
1 0 
0 
xy 7 1 19 19 19 2 1 8192 1 64
1 10978 
0 
y4 7 1 19 19 19 2 1 8192 1 64
1 0 
0 
y1 7 1 19 19 19 2 1 8192 1 64
1 -11985 
0 
xz2 7 1 19 19 19 2 1 8192 1 64
1 -9308 
0 
y3 7 1 19 19 19 2 1 8192 1 64
1 854 
0 
yz2 7 1 19 19 19 2 1 8192 1 64
1 -3922 
0 
yz 7 1 19 19 19 2 1 8192 1 64
1 -7086 
0 
z0_ 1 1 19 19 19 2 1 73744 1 64
1 -13529 
0 
z2x2y2 7 1 19 19 19 2 1 8192 1 64
1 -6638 
0 
z2 7 1 19 19 19 2 1 8192 1 64
1 360 
0 
z1c 7 1 19 19 19 2 1 8192 1 64
1 -1044 
0 
z2c 7 1 19 19 19 2 1 8192 1 64
1 196 
0 
z2xy 7 1 19 19 19 2 1 8192 1 64
1 -3185 
0 
z2x3 7 1 19 19 19 2 1 8192 1 64
1 0 
0 
z2y3 7 1 19 19 19 2 1 8192 1 64
1 0 
0 
z4xy 7 1 19 19 19 2 1 8192 1 64
1 0 
0 
z4 7 1 19 19 19 2 1 8192 1 64
1 -5557 
0 
z3x3 7 1 19 19 19 2 1 8192 1 64
1 0 
0 
z3x 7 1 19 19 19 2 1 8192 1 64
1 -690 
0 
z3c 7 1 19 19 19 2 1 8192 1 64
1 0 
0 
z3x2y2 7 1 19 19 19 2 1 8192 1 64
1 0 
0 
z3y 7 1 19 19 19 2 1 8192 1 64
1 2624 
0 
z3xy 7 1 19 19 19 2 1 8192 1 64
1 0 
0 
z3y3 7 1 19 19 19 2 1 8192 1 64
1 0 
0 
z4x 7 1 19 19 19 2 1 8192 1 64
1 25000 
0 
z4c 7 1 19 19 19 2 1 8192 1 64
1 0 
0 
z4x2y2 7 1 19 19 19 2 1 8192 1 64
1 0 
0 
z7 7 1 19 19 19 2 1 8192 1 64
1 31867 
0 
z5y 7 1 19 19 19 2 1 8192 1 64
1 0 
0 
z5 7 1 19 19 19 2 1 8192 1 64
1 32767 
0 
z4y 7 1 19 19 19 2 1 8192 1 64
1 -19199 
0 
z5x 7 1 19 19 19 2 1 8192 1 64
1 0 
0 
z6 7 1 19 19 19 2 1 8192 1 64
1 4444 
0 
zx2y2 7 1 19 19 19 2 1 8192 1 64
1 -3482 
0 
zoom 7 1 32767 0 0 4 1 0 1 64
1 0 
0 
z8 7 1 19 19 19 2 1 8192 1 64
1 0 
0 
zxy 7 1 19 19 19 2 1 8192 1 64
1 -8296 
0 
zx3 7 1 19 19 19 2 1 8192 1 64
1 3961 
0 
zy3 7 1 19 19 19 2 1 8192 1 64
1 9718 
0 
